GEM
  remote: https://rubygems.org/
  specs:
    sequel (5.21.0)
    sqlite3 (1.4.1)

PLATFORMS
  ruby

DEPENDENCIES
  sequel
  sqlite3

RUBY VERSION
   ruby 2.6.0p0

BUNDLED WITH
   1.17.2
